GEM
  remote: https://rubygems.org/
  specs:
    diff-lcs (1.2.4)
    facter (1.7.1)
    hiera (1.2.1)
      json_pure
    json_pure (1.8.0)
    metaclass (0.0.1)
    mime-types (1.23)
    mocha (0.14.0)
      metaclass (~> 0.0.1)
    nokogiri (1.5.9)
    puppet (3.2.1)
      facter (~> 1.6)
      hiera (~> 1.0)
      rgen (~> 0.6)
    puppet-blacksmith (1.0.5)
      nokogiri
      puppet (>= 2.7.16)
      puppetlabs_spec_helper (>= 0.3.0)
      rake
      rest-client
    puppet-lint (0.3.2)
    puppetlabs_spec_helper (0.4.1)
      mocha (>= 0.10.5)
      rake
      rspec (>= 2.9.0)
      rspec-puppet (>= 0.1.1)
    rake (10.0.4)
    rest-client (1.6.7)
      mime-types (>= 1.16)
    rgen (0.6.2)
    rspec (2.13.0)
      rspec-core (~> 2.13.0)
      rspec-expectations (~> 2.13.0)
      rspec-mocks (~> 2.13.0)
    rspec-core (2.13.1)
    rspec-expectations (2.13.0)
      diff-lcs (>= 1.1.3, < 2.0)
    rspec-mocks (2.13.1)
    rspec-puppet (0.1.6)
      rspec

PLATFORMS
  ruby

DEPENDENCIES
  puppet
  puppet-blacksmith (>= 1.0.5)
  puppet-lint
  puppetlabs_spec_helper
  rake
  rspec-puppet
